PATH
  remote: .
  specs:
    omnihooks-click-funnels (0.1.0)
      multi_json (~> 1.12)
      omnihooks (~> 0.0.2)

GEM
  remote: https://rubygems.org/
  specs:
    activesupport (5.1.2)
      concurrent-ruby (~> 1.0, >= 1.0.2)
      i18n (~> 0.7)
      minitest (~> 5.1)
      tzinfo (~> 1.1)
    concurrent-ruby (1.0.5)
    diff-lcs (1.3)
    hashie (3.5.6)
    i18n (0.8.6)
    minitest (5.10.3)
    multi_json (1.12.1)
    omnihooks (0.0.3)
      activesupport (>= 3.1)
      hashie (>= 1.2, < 4)
      rack (~> 1.0)
    rack (1.6.8)
    rake (10.5.0)
    rspec (3.6.0)
      rspec-core (~> 3.6.0)
      rspec-expectations (~> 3.6.0)
      rspec-mocks (~> 3.6.0)
    rspec-core (3.6.0)
      rspec-support (~> 3.6.0)
    rspec-expectations (3.6.0)
      diff-lcs (>= 1.2.0, < 2.0)
      rspec-support (~> 3.6.0)
    rspec-mocks (3.6.0)
      diff-lcs (>= 1.2.0, < 2.0)
      rspec-support (~> 3.6.0)
    rspec-support (3.6.0)
    thread_safe (0.3.6)
    tzinfo (1.2.3)
      thread_safe (~> 0.1)

PLATFORMS
  ruby

DEPENDENCIES
  bundler (~> 1.14)
  omnihooks-click-funnels!
  rake (~> 10.0)
  rspec (~> 3.0)

BUNDLED WITH
   1.15.3
